PATH
  remote: .
  specs:
    concensus (0.0.3)
      activesupport
      dbf
      nofxx-georuby
      rspec
      rubyzip

GEM
  remote: https://rubygems.org/
  specs:
    activesupport (3.2.6)
      i18n (~> 0.6)
      multi_json (~> 1.0)
    dbf (1.7.5)
    diff-lcs (1.1.3)
    i18n (0.6.0)
    multi_json (1.3.6)
    nofxx-georuby (1.9.2)
    rspec (2.10.0)
      rspec-core (~> 2.10.0)
      rspec-expectations (~> 2.10.0)
      rspec-mocks (~> 2.10.0)
    rspec-core (2.10.1)
    rspec-expectations (2.10.0)
      diff-lcs (~> 1.1.3)
    rspec-mocks (2.10.1)
    rubyzip (0.9.9)

PLATFORMS
  ruby

DEPENDENCIES
  concensus!
  rspec
