PATH
  remote: .
  specs:
    concensus (0.0.1)

GEM
  remote: https://rubygems.org/
  specs:
    activesupport (3.2.6)
      i18n (~> 0.6)
      multi_json (~> 1.0)
    dbf (1.7.5)
    diff-lcs (1.1.3)
    georuby (1.9.7)
    httparty (0.8.3)
      multi_json (~> 1.0)
      multi_xml
    i18n (0.6.0)
    multi_json (1.3.6)
    multi_xml (0.5.1)
    rspec (2.10.0)
      rspec-core (~> 2.10.0)
      rspec-expectations (~> 2.10.0)
      rspec-mocks (~> 2.10.0)
    rspec-core (2.10.1)
    rspec-expectations (2.10.0)
      diff-lcs (~> 1.1.3)
    rspec-mocks (2.10.1)
    rubyzip (0.9.9)

PLATFORMS
  ruby

DEPENDENCIES
  activesupport
  concensus!
  dbf
  georuby
  httparty
  rspec
  rubyzip
